PATH
  remote: .
  specs:
    ipip-fast (0.0.1)

GEM
  remote: https://rubygems.org/
  specs:
    rake (13.0.3)

PLATFORMS
  x86_64-darwin-19

DEPENDENCIES
  ipip-fast!
  rake (~> 13.0)

BUNDLED WITH
   2.2.14
