PATH
  remote: .
  specs:
    ipip-fast (0.0.1)

GEM
  remote: https://rubygems.org/
  specs:
    rake (13.0.3)
    ruby-prof (0.18.0)
    ruby-prof-flamegraph (0.3.0)
      ruby-prof (~> 0.13)

PLATFORMS
  x86_64-darwin-19

DEPENDENCIES
  ipip-fast!
  rake (~> 13.0)
  ruby-prof-flamegraph (>= 0.3.0)

BUNDLED WITH
   2.2.14
